PATH
  remote: .
  specs:
    calibrate (0.0.2)
      rake (~> 12.3)

GEM
  remote: https://rubygems.org/
  specs:
    chunky_png (1.3.11)
    compass (0.12.2)
      chunky_png (~> 1.2)
      fssm (>= 0.2.7)
      sass (~> 3.1)
    corundum (0.3)
      bundler
      compass (>= 0.12.1)
      mailfactory (~> 1.4.0)
      mattock (~> 0.5)
      nokogiri
      rdoc
      rspec (>= 2.0)
      sass (>= 3.1)
      simplecov (>= 0.5.4)
      yard
    diff-lcs (1.3)
    docile (1.3.1)
    ffi (1.10.0)
    fssm (0.2.10)
    json (2.3.1)
    mailfactory (1.4.0)
      mime-types (>= 1.13.1)
    mattock (0.5.2)
      tilt (> 0)
      valise (>= 0.9.1)
    mime-types (3.2.2)
      mime-types-data (~> 3.2015)
    mime-types-data (3.2018.0812)
    mini_portile2 (2.4.0)
    nokogiri (1.10.1)
      mini_portile2 (~> 2.4.0)
    rake (12.3.2)
    rb-fsevent (0.10.3)
    rb-inotify (0.10.0)
      ffi (~> 1.0)
    rdoc (6.1.1)
    rspec (3.8.0)
      rspec-core (~> 3.8.0)
      rspec-expectations (~> 3.8.0)
      rspec-mocks (~> 3.8.0)
    rspec-core (3.8.0)
      rspec-support (~> 3.8.0)
    rspec-expectations (3.8.2)
      diff-lcs (>= 1.2.0, < 2.0)
      rspec-support (~> 3.8.0)
    rspec-mocks (3.8.0)
      diff-lcs (>= 1.2.0, < 2.0)
      rspec-support (~> 3.8.0)
    rspec-support (3.8.0)
    sass (3.7.3)
      sass-listen (~> 4.0.0)
    sass-listen (4.0.0)
      rb-fsevent (~> 0.9, >= 0.9.4)
      rb-inotify (~> 0.9, >= 0.9.7)
    simplecov (0.16.1)
      docile (~> 1.1)
      json (>= 1.8, < 3)
      simplecov-html (~> 0.10.0)
    simplecov-html (0.10.2)
    tilt (2.0.9)
    valise (1.2.1)
    yard (0.9.18)

PLATFORMS
  ruby

DEPENDENCIES
  calibrate!
  corundum

BUNDLED WITH
   1.16.3
